GEM
  remote: https://rubygems.org/
  specs:
    diff-lcs (1.2.5)
    em-proxy (0.1.8)
      eventmachine
    eventmachine (1.0.3)
    http_parser.rb (0.6.0)
    kage (0.9.2)
      em-proxy (>= 0.1.7)
      http_parser.rb (>= 0.5.3)

PLATFORMS
  ruby

DEPENDENCIES
  diff-lcs
  kage
